GEM
  remote: https://rubygems.org/
  specs:
    backports (3.3.1)
    blend-mode (0.0.1)
      compass (~> 0.12)
    bourbon-compass (3.1.6)
      compass (>= 0.11)
      sass (>= 3.2.0)
    breakpoint (2.0.5)
      compass (>= 0.12.1)
      sass (>= 3.2.0)
    breakpoint-slicer (1.1)
      breakpoint (>= 2.0.1)
      compass (>= 0.12.2)
      sass (>= 3.2.1)
    chunky_png (1.2.8)
    color-schemer (0.2.5)
      compass (~> 0.12)
      compass-blend-modes (~> 0.0.2)
    compass (0.12.2)
      chunky_png (~> 1.2)
      fssm (>= 0.2.7)
      sass (~> 3.1)
    compass-blend-modes (0.0.2)
      compass
    css-slideshow (0.2.0)
      compass (>= 0.10.0.rc3)
    eventmachine (1.0.3-x86-mingw32)
    fancy-buttons (1.2.0)
      compass (>= 0.11)
    fittext (0.0.5)
      compass (>= 0.10.0.rc3)
    fssm (0.2.10)
    haml (4.0.3)
      tilt
    harsh (1.0.0)
      compass (>= 0.10.0.rc3)
    jsmin (1.0.1)
    modular-scale (1.0.6)
      compass (>= 0.12.1)
      sass (>= 3.2.0)
      sassy-math (>= 1.5)
    neat-compass (1.3.0)
      bourbon-compass (>= 3.1.3)
      compass (>= 0.11)
      sass (>= 3.2)
    rack (1.5.2)
    rack-protection (1.5.0)
      rack
    rack-test (0.6.2)
      rack (>= 1.0)
    rake (10.0.4)
    responsive-sass (0.1.1)
      compass (>= 0.11)
    rwdcalc (0.0.2)
      compass (>= 0.12.2)
      sass (>= 3.2.1)
    salsa (0.0.1)
      compass (>= 0.12.1)
      sass (>= 3.2.0)
    sass (3.2.9)
    sassy-buttons (0.1.4)
      compass (>= 0.12.2)
      sass (>= 3.2.0)
    sassy-math (1.5)
      compass (~> 0.11)
    sassy-strings (0.3.1)
      compass (>= 0.12.2)
    sassy-text-shadow (0.0.4)
      compass (>= 0.11.5)
    sinatra (1.4.2)
      rack (~> 1.5, >= 1.5.2)
      rack-protection (~> 1.4)
      tilt (~> 1.3, >= 1.3.4)
    sinatra-assetpack (0.2.2)
      backports
      jsmin
      rack-test
      sinatra
      tilt (>= 1.3.0)
    sinatra-contrib (1.4.0)
      backports (>= 2.0)
      eventmachine
      rack-protection
      rack-test
      sinatra (~> 1.4.2)
      tilt (~> 1.3)
    sinatra-support (1.2.2)
      sinatra (>= 1.0)
    singularitygs (1.0.8)
      breakpoint (>= 2.0.1)
      compass (>= 0.12.2)
      sass (>= 3.2.1)
    stipe (0.0.6.0)
      compass (>= 0.11)
      sass (>= 3.2.1)
    susy (1.0.8)
      compass (>= 0.12.2)
      sass (>= 3.2.0)
    tilt (1.4.1)
    toolkit (1.1.1)
      breakpoint (>= 2.0.2)
      color-schemer (>= 0.2.3)
      compass (>= 0.12.2)
      sassy-strings (>= 0.1)
      singularitygs (>= 1.0.7)
    zen-grids (1.4)
      sass (>= 3.1)

PLATFORMS
  x86-mingw32

DEPENDENCIES
  blend-mode
  bourbon-compass
  breakpoint
  breakpoint-slicer
  color-schemer
  compass
  css-slideshow
  fancy-buttons
  fittext
  haml
  harsh
  modular-scale
  neat-compass
  rake
  responsive-sass
  rwdcalc
  salsa
  sassy-buttons
  sassy-text-shadow
  sinatra-assetpack
  sinatra-contrib
  sinatra-support
  singularitygs
  stipe
  susy
  thin
  toolkit
  zen-grids
